GEM
  remote: https://rubygems.org/
  specs:
    binding_of_caller (0.8.0)
      debug_inspector (>= 0.0.1)
    coderay (1.1.2)
    debug_inspector (0.0.3)
    faraday (0.9.2)
      multipart-post (>= 1.2, < 3)
    faraday_middleware (0.9.2)
      faraday (>= 0.7.4, < 0.10)
    groupme (0.0.7)
      faraday (~> 0.9.0)
      faraday_middleware (~> 0.9.0)
      hashie (~> 3.0)
      multi_json (~> 1.3)
      simple_oauth (~> 0.2)
    hashie (3.5.7)
    interception (0.5)
    method_source (0.9.0)
    multi_json (1.13.1)
    multipart-post (2.0.0)
    pry (0.11.3)
      coderay (~> 1.1.0)
      method_source (~> 0.9.0)
    pry-rescue (1.4.5)
      interception (>= 0.5)
      pry
    pry-stack_explorer (0.4.9.2)
      binding_of_caller (>= 0.7)
      pry (>= 0.9.11)
    simple_oauth (0.3.1)

PLATFORMS
  ruby

DEPENDENCIES
  groupme (~> 0.0.7)
  pry-rescue
  pry-stack_explorer

BUNDLED WITH
   1.14.6
